PATH
  remote: .
  specs:
    dotplan (0.0.2)
      colorize
      hashie
      json
      rest-client

GEM
  remote: http://rubygems.org/
  specs:
    colorize (0.5.8)
    hashie (1.2.0)
    json (1.6.5)
    mime-types (1.17.2)
    rest-client (1.6.7)
      mime-types (>= 1.16)

PLATFORMS
  ruby

DEPENDENCIES
  dotplan!
